NUGET
  remote: https://nuget.org/api/v2
  specs:
    System.IO (4.0.10-beta-22605)
      System.Runtime (>= 4.0.20-beta-22605)
      System.Text.Encoding (>= 4.0.0-beta-22605)
      System.Threading.Tasks (>= 4.0.0-beta-22605)
    System.Runtime (4.0.20-beta-22605)
    System.Runtime.Handles (4.0.0-beta-22605)
      System.Runtime (>= 4.0.0-beta-22605)
    System.Security.Cryptography.Encoding (4.0.0-beta-22605)
      System.Runtime (>= 4.0.0-beta-22605)
    System.Security.Cryptography.Encryption (4.0.0-beta-22605)
      System.IO (>= 4.0.0-beta-22605)
      System.Runtime (>= 4.0.0-beta-22605)
      System.Threading.Tasks (>= 4.0.0-beta-22605)
    System.Security.Cryptography.X509Certificates (4.0.0-beta-22605)
      System.Runtime (>= 4.0.0-beta-22605)
      System.Runtime.Handles (>= 4.0.0-beta-22605)
      System.Security.Cryptography.Encoding (>= 4.0.0-beta-22605)
      System.Security.Cryptography.Encryption (>= 4.0.0-beta-22605)
    System.Text.Encoding (4.0.10-beta-22605)
      System.Runtime (>= 4.0.0-beta-22605)
    System.Threading.Tasks (4.0.10-beta-22605)
      System.Runtime (>= 4.0.0-beta-22605)
    Xero.API.SDK (2.0.4.0)
